GEM
  remote: http://rubygems.org/
  specs:
    rack (1.2.1)
    rdiscount (1.6.5)
    sass (3.1.0.alpha.47)
    shotgun (0.8)
      rack (>= 1.0)
    sinatra (1.1.0)
      rack (~> 1.1)
      tilt (~> 1.1)
    slim (0.8.0)
      temple (~> 0.1.6)
      tilt (~> 1.1)
    temple (0.1.6)
    tilt (1.1)

PLATFORMS
  ruby

DEPENDENCIES
  rdiscount
  sass
  shotgun
  sinatra
  slim (= 0.8.0)
